GEM
  remote: https://rubygems.org/
  specs:
    em-websocket (0.5.1)
      eventmachine (>= 0.12.9)
      http_parser.rb (~> 0.6.0)
    eventmachine (1.2.3)
    http_parser.rb (0.6.0)
    json (2.0.3)

PLATFORMS
  ruby

DEPENDENCIES
  em-websocket
  eventmachine
  json

BUNDLED WITH
   1.14.5
